GEM
  remote: https://rubygems.org/
  specs:
    awesome_print (1.1.0)
    blankslate (2.1.2.4)
    parslet (1.5.0)
      blankslate (~> 2.0)

PLATFORMS
  ruby

DEPENDENCIES
  awesome_print
  parslet (~> 1.5)
